PATH
  remote: .
  specs:
    mithril-pipeline (0.2.5)

GEM
  remote: http://rubygems.org/
  specs:

PLATFORMS
  ruby

DEPENDENCIES
  mithril-pipeline!

BUNDLED WITH
   1.12.5
