PATH
  remote: .
  specs:
    mithril-pipeline (1.0.0)

GEM
  remote: http://rubygems.org/
  specs:

PLATFORMS
  ruby

DEPENDENCIES
  mithril-pipeline!

BUNDLED WITH
   1.12.5
